GEM
  remote: http://rubygems.org/
  specs:
    activesupport (3.2.3)
      i18n (~> 0.6)
      multi_json (~> 1.0)
    akami (1.0.0)
      gyoku (>= 0.4.0)
    builder (3.0.0)
    daemons (1.1.8)
    eventmachine (0.12.10)
    gyoku (0.4.4)
      builder (>= 2.1.2)
    haml (3.1.4)
    httpi (0.9.7)
      rack
    i18n (0.6.0)
    json (1.6.6)
    multi_json (1.3.5)
    nokogiri (1.5.2)
    nori (1.1.0)
    rack (1.4.1)
    rack-protection (1.2.0)
      rack
    savon (0.9.9)
      akami (~> 1.0)
      builder (>= 2.1.2)
      gyoku (>= 0.4.0)
      httpi (~> 0.9)
      nokogiri (>= 1.4.0)
      nori (~> 1.1)
      wasabi (~> 2.1)
    sinatra (1.3.2)
      rack (~> 1.3, >= 1.3.6)
      rack-protection (~> 1.2)
      tilt (~> 1.3, >= 1.3.3)
    sinatra-respond_to (0.8.0)
      sinatra (~> 1.3)
    thin (1.3.1)
      daemons (>= 1.0.9)
      eventmachine (>= 0.12.6)
      rack (>= 1.0.0)
    tilt (1.3.3)
    wasabi (2.1.0)
      nokogiri (>= 1.4.0)

PLATFORMS
  ruby

DEPENDENCIES
  activesupport
  haml
  json
  savon
  sinatra
  sinatra-respond_to
  thin
